GEM
  remote: https://rubygems.org/
  specs:
    haml (5.0.2)
      temple (>= 0.8.0)
      tilt
    puma (3.9.1)
    rack (2.0.3)
    temple (0.8.0)
    tilt (2.0.8)

PLATFORMS
  ruby

DEPENDENCIES
  haml
  puma
  rack

RUBY VERSION
   ruby 2.4.0p0

BUNDLED WITH
   1.15.3
