GEM
  remote: https://rubygems.org/
  specs:
    puma (3.9.1)
    rack (2.0.3)

PLATFORMS
  ruby

DEPENDENCIES
  puma
  rack

RUBY VERSION
   ruby 2.4.0p0

BUNDLED WITH
   1.15.3
